GEM
  remote: https://rubygems.org/
  specs:
    artifactory (2.8.2)
    backports (3.11.1)
    cucumber-core (3.1.0)
      backports (>= 3.8.0)
      cucumber-tag_expressions (~> 1.1.0)
      gherkin (>= 5.0.0)
    cucumber-tag_expressions (1.1.1)
    erubis (2.7.0)
    ffi-yajl (2.3.1)
      libyajl2 (~> 1.2)
    foodcritic (12.3.0)
      cucumber-core (>= 1.3)
      erubis
      ffi-yajl (~> 2.0)
      nokogiri (>= 1.5, < 2.0)
      rake
      rufus-lru (~> 1.0)
      treetop (~> 1.4)
    gherkin (5.0.0)
    kitchen-vagrant (1.1.0)
      test-kitchen (~> 1.4)
    libyajl2 (1.2.0)
    mini_portile2 (2.3.0)
    mixlib-install (2.1.12)
      artifactory
      mixlib-shellout
      mixlib-versioning
      thor
    mixlib-shellout (2.2.7)
    mixlib-versioning (1.1.0)
    net-scp (1.2.1)
      net-ssh (>= 2.6.5)
    net-ssh (4.1.0)
    net-ssh-gateway (1.3.0)
      net-ssh (>= 2.6.5)
    nokogiri (1.8.2)
      mini_portile2 (~> 2.3.0)
    polyglot (0.3.5)
    rake (10.0.4)
    rufus-lru (1.1.0)
    safe_yaml (1.0.4)
    test-kitchen (1.16.0)
      mixlib-install (>= 1.2, < 3.0)
      mixlib-shellout (>= 1.2, < 3.0)
      net-scp (~> 1.1)
      net-ssh (>= 2.9, < 5.0)
      net-ssh-gateway (~> 1.2)
      safe_yaml (~> 1.0)
      thor (~> 0.19, < 0.19.2)
    thor (0.19.1)
    treetop (1.6.9)
      polyglot (~> 0.3)

PLATFORMS
  ruby

DEPENDENCIES
  foodcritic
  kitchen-vagrant
  rake (= 10.0.4)
  test-kitchen

BUNDLED WITH
   1.16.1
